GEM
  remote: https://rubygems.org/
  specs:
    airplay (0.2.9)
      dnssd (~> 2.0)
      net-http-digest_auth (~> 1.2)
      net-http-persistent (>= 2.6)
    dnssd (2.0)
    minitest (5.0.6)
    multi_json (1.7.8)
    net-http-digest_auth (1.4)
    net-http-persistent (2.9)
    oj (2.1.4)
    rack (1.5.2)
    rake (10.1.0)
    rake-notes (0.0.1)
      rake
    ruby-progressbar (1.1.1)
    simplecov (0.7.1)
      multi_json (~> 1.0)
      simplecov-html (~> 0.7.1)
    simplecov-html (0.7.1)
    webrick (1.3.1)

PLATFORMS
  ruby

DEPENDENCIES
  airplay
  minitest
  oj
  rack
  rake
  rake-notes
  ruby-progressbar
  simplecov
  webrick
