GEM
  remote: https://rubygems.org/
  specs:
    airplay (0.2.9)
      dnssd (~> 2.0)
      net-http-digest_auth (~> 1.2)
      net-http-persistent (>= 2.6)
    dnssd (2.0)
    net-http-digest_auth (1.3)
    net-http-persistent (2.8)
    rack (1.5.2)
    rake (10.0.4)
    ruby-progressbar (1.0.2)
    webrick (1.3.1)

PLATFORMS
  ruby

DEPENDENCIES
  airplay
  rack
  rake
  ruby-progressbar
  webrick
