GEM
  remote: https://rubygems.org/
  specs:
    airplay (0.2.9)
      dnssd (~> 2.0)
      net-http-digest_auth (~> 1.2)
      net-http-persistent (>= 2.6)
    dnssd (2.0)
    minitest (5.0.6)
    net-http-digest_auth (1.2.1)
    net-http-persistent (2.8)
    rack (1.4.1)
    rake (10.1.0)
    ruby-progressbar (1.0.2)
    webrick (1.3.1)

PLATFORMS
  ruby

DEPENDENCIES
  airplay
  minitest
  rack
  rake
  ruby-progressbar
  webrick
