GEM
  remote: https://rubygems.org/
  specs:
    airplay (0.2.9)
      dnssd (~> 2.0)
      net-http-digest_auth (~> 1.2)
      net-http-persistent (>= 2.6)
    binding_of_caller (0.7.1)
      debug_inspector (>= 0.0.1)
    coderay (1.0.9)
    debug_inspector (0.0.2)
    dnssd (2.0)
    interception (0.3)
    method_source (0.8.1)
    minitest (4.7.3)
    net-http-digest_auth (1.3)
    net-http-persistent (2.8)
    pry (0.9.12.1)
      coderay (~> 1.0.5)
      method_source (~> 0.8)
      slop (~> 3.4)
    pry-rescue (1.1.0)
      interception (>= 0.3)
      pry
    pry-stack_explorer (0.4.9)
      binding_of_caller (>= 0.7)
      pry (~> 0.9.11)
    rack (1.5.2)
    rake (10.0.4)
    rake-notes (0.0.1)
      rake
    ruby-progressbar (1.0.2)
    slop (3.4.4)
    webrick (1.3.1)

PLATFORMS
  ruby

DEPENDENCIES
  airplay
  minitest
  pry
  pry-rescue
  pry-stack_explorer
  rack
  rake
  rake-notes
  ruby-progressbar
  webrick
