GEM
  remote: https://rubygems.org/
  specs:
    airplay (0.2.9)
      dnssd (~> 2.0)
      net-http-digest_auth (~> 1.2)
      net-http-persistent (>= 2.6)
    aruba (0.5.3)
      childprocess (>= 0.3.6)
      cucumber (>= 1.1.1)
      rspec-expectations (>= 2.7.0)
    builder (3.2.2)
    childprocess (0.3.9)
      ffi (~> 1.0, >= 1.0.11)
    cucumber (1.3.5)
      builder (>= 2.1.2)
      diff-lcs (>= 1.1.3)
      gherkin (~> 2.12.0)
      multi_json (~> 1.7.5)
      multi_test (>= 0.0.2)
    diff-lcs (1.2.4)
    dnssd (2.0)
    ffi (1.9.0)
    gherkin (2.12.0)
      multi_json (~> 1.3)
    minitest (5.0.6)
    multi_json (1.7.8)
    multi_test (0.0.2)
    net-http-digest_auth (1.4)
    net-http-persistent (2.9)
    oj (2.1.4)
    rack (1.5.2)
    rake (10.1.0)
    rake-notes (0.0.1)
      rake
    rspec-expectations (2.14.0)
      diff-lcs (>= 1.1.3, < 2.0)
    ruby-progressbar (1.1.1)
    simplecov (0.7.1)
      multi_json (~> 1.0)
      simplecov-html (~> 0.7.1)
    simplecov-html (0.7.1)
    webrick (1.3.1)

PLATFORMS
  ruby

DEPENDENCIES
  airplay
  aruba
  minitest
  oj
  rack
  rake
  rake-notes
  ruby-progressbar
  simplecov
  webrick
