PATH
  remote: .
  specs:
    airstream (0.4.5)
      airplay (~> 0.2.9)
      rack (~> 1.5.2)
      ruby-progressbar (~> 1.1.1)
      webrick (~> 1.3.1)

GEM
  remote: https://rubygems.org/
  specs:
    airplay (0.2.9)
      dnssd (~> 2.0)
      net-http-digest_auth (~> 1.2)
      net-http-persistent (>= 2.6)
    aruba (0.5.3)
      childprocess (>= 0.3.6)
      cucumber (>= 1.1.1)
      rspec-expectations (>= 2.7.0)
    builder (3.2.2)
    childprocess (0.3.9)
      ffi (~> 1.0, >= 1.0.11)
    colored (1.2)
    coveralls (0.7.0)
      multi_json (~> 1.3)
      rest-client
      simplecov (>= 0.7)
      term-ansicolor
      thor
    cucumber (1.3.10)
      builder (>= 2.1.2)
      diff-lcs (>= 1.1.3)
      gherkin (~> 2.12)
      multi_json (>= 1.7.5, < 2.0)
      multi_test (>= 0.0.2)
    diff-lcs (1.2.5)
    dnssd (2.0)
    docile (1.1.1)
    ffi (1.9.3)
    gherkin (2.12.2)
      multi_json (~> 1.3)
    mime-types (2.0)
    minitest (5.2.0)
    multi_json (1.8.2)
    multi_test (0.0.2)
    net-http-digest_auth (1.4)
    net-http-persistent (2.9)
    oj (2.5.1)
    rack (1.5.2)
    rake (10.1.1)
    rake-notes (0.2.0)
      colored
      rake
    rest-client (1.6.7)
      mime-types (>= 1.16)
    rspec-expectations (2.14.4)
      diff-lcs (>= 1.1.3, < 2.0)
    ruby-progressbar (1.1.1)
    simplecov (0.8.2)
      docile (~> 1.1.0)
      multi_json
      simplecov-html (~> 0.8.0)
    simplecov-html (0.8.0)
    term-ansicolor (1.2.2)
      tins (~> 0.8)
    thor (0.18.1)
    tins (0.13.1)
    webrick (1.3.1)

PLATFORMS
  ruby

DEPENDENCIES
  airstream!
  aruba
  coveralls
  minitest
  oj
  rake (~> 10.1.0)
  rake-notes
